PATH
  remote: ~/play/svc
  specs:
    svc (0.1.0)
      sinatra

GEM
  specs:
    rack (1.6.4)
    rack-protection (1.5.3)
      rack
    sinatra (1.4.6)
      rack (~> 1.4)
      rack-protection (~> 1.4)
      tilt (>= 1.3, < 3)
    tilt (1.4.1)

PLATFORMS
  ruby

DEPENDENCIES
  svc!

BUNDLED WITH
   1.10.6
